PATH
  remote: .
  specs:
    aloha (0.0.1)

GEM
  remote: https://rubygems.org/
  specs:
    rake (0.9.2.2)

PLATFORMS
  ruby

DEPENDENCIES
  aloha!
  bundler (~> 1.5)
  rake
